GEM
  remote: https://rubygems.org/
  specs:
    coderay (1.1.0)
    easy_translate (0.5.0)
      json
      thread
      thread_safe
    json (1.8.1)
    method_source (0.8.2)
    pry (0.9.12.6)
      coderay (~> 1.0)
      method_source (~> 0.8)
      slop (~> 3.4)
    slop (3.5.0)
    thread (0.1.4)
    thread_safe (0.3.3)

PLATFORMS
  ruby

DEPENDENCIES
  easy_translate
  pry
