GEM
  remote: https://rubygems.org/
  specs:
    easy_translate (0.5.0)
      json
      thread
      thread_safe
    json (1.8.1)
    thread (0.1.4)
    thread_safe (0.3.3)

PLATFORMS
  ruby

DEPENDENCIES
  easy_translate
